PATH
  remote: .
  specs:
    gifs_diana (0.2.0)
      httparty (= 0.21.0)

GEM
  remote: https://rubygems.org/
  specs:
    httparty (0.21.0)
      mini_mime (>= 1.0.0)
      multi_xml (>= 0.5.2)
    mini_mime (1.1.2)
    minitest (5.14.0)
    multi_xml (0.6.0)
    rake (12.3.3)

PLATFORMS
  ruby

DEPENDENCIES
  gifs_diana!
  minitest (~> 5.0)
  rake (~> 12.0)

BUNDLED WITH
   2.1.4
